GIT
  remote: git://github.com/igrigorik/em-http-request.git
  revision: 1a4123d36a298e8043482ad7b20cb18dfbc2616b
  specs:
    em-http-request (1.0.0)
      addressable (>= 2.2.3)
      cookiejar
      em-socksify
      eventmachine (>= 1.0.0.beta.3)
      http_parser.rb (>= 0.5.3)

GIT
  remote: git://github.com/igrigorik/em-synchrony.git
  revision: f07b2a139ba05a1eaf3559541f3584c73afe05b2
  specs:
    em-synchrony (1.0.0)
      eventmachine (>= 1.0.0.beta.1)

GIT
  remote: git://github.com/postrank-labs/goliath.git
  revision: ad43b45c8903f702c65e78162fb4eade12f79f98
  specs:
    goliath (0.9.4)
      async-rack
      em-synchrony (>= 1.0.0)
      em-websocket
      eventmachine (>= 1.0.0.beta.3)
      http_parser.rb (~> 0.5.3)
      http_router (~> 0.9.0)
      log4r
      multi_json
      rack (>= 1.2.2)
      rack-contrib
      rack-respond_to

GEM
  remote: http://rubygems.org/
  specs:
    addressable (2.2.6)
    async-rack (0.5.1)
      rack (~> 1.1)
    cookiejar (0.3.0)
    em-socksify (0.1.0)
      eventmachine
    em-websocket (0.3.5)
      addressable (>= 2.1.1)
      eventmachine (>= 0.12.9)
    eventmachine (1.0.0.beta.4)
    http_parser.rb (0.5.3)
    http_router (0.9.7)
      rack (>= 1.0.0)
      url_mount (~> 0.2.1)
    log4r (1.1.9)
    multi_json (1.0.3)
    rack (1.3.5)
    rack-accept-media-types (0.9)
    rack-contrib (1.1.0)
      rack (>= 0.9.1)
    rack-respond_to (0.9.8)
      rack-accept-media-types (>= 0.6)
    url_mount (0.2.1)
      rack
    yajl-ruby (1.1.0)

PLATFORMS
  ruby

DEPENDENCIES
  em-http-request!
  em-synchrony!
  goliath!
  yajl-ruby
